GEM
  remote: https://rubygems.org/
  specs:
    debug (1.3.4)
      irb (>= 1.3.6)
      reline (>= 0.2.7)
    io-console (0.5.9)
    irb (1.3.7)
      reline (>= 0.2.7)
    reline (0.2.7)
      io-console (~> 0.5)

PLATFORMS
  x86_64-darwin-20

DEPENDENCIES
  debug

BUNDLED WITH
   2.2.22
